PATH
  remote: .
  specs:
    nanoc-kramdown (1.0.0)
      kramdown
      nanoc-core

GEM
  remote: https://rubygems.org/
  specs:
    kramdown (1.1.0)
    minitest (5.0.6)
    nanoc-core (4.0.0a1)
    rake (10.1.0)

PLATFORMS
  ruby

DEPENDENCIES
  bundler
  minitest
  nanoc-kramdown!
  rake
